GEM
  remote: http://rubygems.org/
  specs:
    diff-lcs (1.1.3)
    grape (0.1.5)
      multi_json
      multi_xml
      rack
      rack-jsonp
      rack-mount
    mime-types (1.16)
    multi_json (1.0.3)
    multi_xml (0.4.1)
    rack (1.3.4)
    rack-jsonp (1.2.1)
      rack
    rack-mount (0.8.3)
      rack (>= 1.0.0)
    rack-test (0.6.1)
      rack (>= 1.0)
    rest-client (1.6.7)
      mime-types (>= 1.16)
    rspec (2.6.0)
      rspec-core (~> 2.6.0)
      rspec-expectations (~> 2.6.0)
      rspec-mocks (~> 2.6.0)
    rspec-core (2.6.4)
    rspec-expectations (2.6.0)
      diff-lcs (~> 1.1.2)
    rspec-mocks (2.6.0)
    shotgun (0.9)
      rack (>= 1.0)
    yajl-ruby (1.0.0)

PLATFORMS
  ruby

DEPENDENCIES
  grape
  rack-test
  rest-client
  rspec
  shotgun
  yajl-ruby
